RESTRICTION: >= net45
NUGET
  remote: https://www.nuget.org/api/v2
    Castle.Core (4.4)
    FSharp.Core (4.0.0.1) - redirects: force
    FSharp.Desktop.UI (0.7.1)
      Castle.Core (>= 3.3.3)
      Rx-Main (>= 2.2.5)
    FSharp.ViewModule.Core (1.0)
      FSharp.Core
    Gjallarhorn (1.1)
      FSharp.Core (>= 4.0.0.1)
    Gjallarhorn.Bindable (0.11)
      FSharp.Core (4.0.0.1)
      Gjallarhorn (>= 0.11)
    Gjallarhorn.Bindable.Wpf (0.11)
      FSharp.Core (4.0.0.1)
      Gjallarhorn (>= 0.11)
      Gjallarhorn.Bindable (>= 0.11)
    Microsoft.NETCore.Platforms (3.0.0-preview.19073.11) - restriction: >= net461
    NETStandard.Library (2.0.3) - restriction: >= net461
      Microsoft.NETCore.Platforms (>= 1.1)
    NETStandard.Library.NETFramework (2.0.0-preview2-25405-01)
      Microsoft.NETCore.Platforms (>= 2.0.0-preview2-25405-01) - restriction: >= net461
      NETStandard.Library (>= 2.0.0-preview2-25401-01) - restriction: >= net461
    Rx-Core (2.2.5)
      Rx-Interfaces (>= 2.2.5)
    Rx-Interfaces (2.2.5)
    Rx-Linq (2.2.5)
      Rx-Core (>= 2.2.5)
      Rx-Interfaces (>= 2.2.5)
    Rx-Main (2.2.5)
      Rx-Core (>= 2.2.5)
      Rx-Interfaces (>= 2.2.5)
      Rx-Linq (>= 2.2.5)
      Rx-PlatformServices (>= 2.2.5)
    Rx-PlatformServices (2.3)
      Rx-Core (>= 2.2)
      Rx-Interfaces (>= 2.2)
    System.Windows.Interactivity.WPF (2.0.20525)

GROUP Build
RESTRICTION: >= net45
NUGET
  remote: https://www.nuget.org/api/v2
    FAKE (4.64.3)
    FSharp.Compiler.Service (2.0.0.6)
    FSharp.Formatting (2.14.4)
      FSharp.Compiler.Service (2.0.0.6)
      FSharpVSPowerTools.Core (>= 2.3 < 2.4)
    FSharpVSPowerTools.Core (2.3)
      FSharp.Compiler.Service (>= 2.0.0.3)
    NuGet.CommandLine (4.4.1)
    Octokit (0.28)
    SourceLink.Fake (1.1)
GITHUB
  remote: fsharp/FAKE
    modules/Octokit/Octokit.fsx (51a7cae12acc7292db4623ae0e3cc3a2ce6ca1c9)
      Octokit (>= 0.20)
  remote: fsprojects/FSharp.TypeProviders.SDK
    src/ProvidedTypes.fs (592d23a96db79b4248ed23a062db3a17433282ce)
    src/ProvidedTypes.fsi (592d23a96db79b4248ed23a062db3a17433282ce)
    src/ProvidedTypesTesting.fs (592d23a96db79b4248ed23a062db3a17433282ce)
    netfx.props (592d23a96db79b4248ed23a062db3a17433282ce)
GROUP Test
RESTRICTION: >= net45
NUGET
  remote: https://www.nuget.org/api/v2
    Castle.Core (4.2.1)
    NUnit (2.6.4)
    NUnit.Runners (2.6.4)
    TestStack.White (0.13.3)
      Castle.Core (>= 3.3)
